GIT
  remote: git://github.com/rweng/jquery-datatables-rails.git
  revision: d637e0967dc66e9824345009ad74fbfdb1e4349f
  specs:
    jquery-datatables-rails (1.12.2)
      jquery-rails
      sass-rails

GEM
  remote: http://rubygems.org/
  specs:
    action_mailer_cache_delivery (0.3.5)
      actionmailer (>= 3.0)
    actionmailer (3.2.13)
      actionpack (= 3.2.13)
      mail (~> 2.5.3)
    actionpack (3.2.13)
      activemodel (= 3.2.13)
      activesupport (= 3.2.13)
      builder (~> 3.0.0)
      erubis (~> 2.7.0)
      journey (~> 1.0.4)
      rack (~> 1.4.5)
      rack-cache (~> 1.2)
      rack-test (~> 0.6.1)
      sprockets (~> 2.2.1)
    activemodel (3.2.13)
      activesupport (= 3.2.13)
      builder (~> 3.0.0)
    activerecord (3.2.13)
      activemodel (= 3.2.13)
      activesupport (= 3.2.13)
      arel (~> 3.0.2)
      tzinfo (~> 0.3.29)
    activeresource (3.2.13)
      activemodel (= 3.2.13)
      activesupport (= 3.2.13)
    activesupport (3.2.13)
      i18n (= 0.6.1)
      multi_json (~> 1.0)
    addressable (2.3.6)
    arel (3.0.3)
    awesome_print (1.1.0)
    bcrypt (3.1.7)
    bcrypt-ruby (3.1.5)
      bcrypt (>= 3.1.3)
    bootstrap-sass-rails (2.3.2.0)
      railties (>= 3.1.0)
      sass-rails (>= 3.1.0)
    builder (3.0.4)
    byebug (1.3.0)
      columnize (~> 0.3.6)
      debugger-linecache (~> 1.2.0)
    cancan (1.6.10)
    capybara (2.2.1)
      mime-types (>= 1.16)
      nokogiri (>= 1.3.3)
      rack (>= 1.0.0)
      rack-test (>= 0.5.4)
      xpath (~> 2.0)
    childprocess (0.5.3)
      ffi (~> 1.0, >= 1.0.11)
    coderay (1.1.0)
    coffee-rails (3.2.2)
      coffee-script (>= 2.2.0)
      railties (~> 3.2.0)
    coffee-script (2.2.0)
      coffee-script-source
      execjs
    coffee-script-source (1.7.0)
    colored (1.2)
    columnize (0.3.6)
    daemons (1.1.9)
    database_cleaner (1.0.1)
    debugger-linecache (1.2.0)
    devise (2.2.4)
      bcrypt-ruby (~> 3.0)
      orm_adapter (~> 0.1)
      railties (~> 3.1)
      warden (~> 1.2.1)
    devise-encryptable (0.1.2)
      devise (>= 2.1.0)
    devise_invitable (1.1.8)
      actionmailer (~> 3.0)
      devise (>= 2.1.2)
      railties (~> 3.0)
    diff-lcs (1.2.5)
    email_spec (1.4.0)
      launchy (~> 2.1)
      mail (~> 2.2)
    erubis (2.7.0)
    eventmachine (1.0.3)
    execjs (2.1.0)
    fabrication (2.7.1)
    factory_girl (4.2.0)
      activesupport (>= 3.0.0)
    factory_girl_rails (4.2.1)
      factory_girl (~> 4.2.0)
      railties (>= 3.0.0)
    faker (1.1.2)
      i18n (~> 0.5)
    ffi (1.9.3)
    hike (1.2.3)
    i18n (0.6.1)
    interactive_editor (0.0.10)
      spoon (>= 0.0.1)
    ipaddress (0.8.0)
    jasmine-core (1.3.1)
    jasmine-rails (0.4.5)
      jasmine-core (~> 1.3)
      rails (>= 3.1.0)
      sprockets-rails
    journey (1.0.4)
    jquery-rails (2.2.1)
      railties (>= 3.0, < 5.0)
      thor (>= 0.14, < 2.0)
    json (1.8.1)
    launchy (2.3.0)
      addressable (~> 2.3)
    mail (2.5.4)
      mime-types (~> 1.16)
      treetop (~> 1.4.8)
    method_source (0.8.2)
    mime-types (1.25.1)
    mini_magick (3.6.0)
      subexec (~> 0.2.1)
    mini_portile (0.6.0)
    mongoid (3.0.23)
      activemodel (~> 3.1)
      moped (~> 1.2)
      origin (~> 1.0)
      tzinfo (~> 0.3.22)
    mongoid-rspec (1.8.2)
      mongoid (>= 3.0.1)
      rake
      rspec (>= 2.9)
    moped (1.5.2)
    multi_json (1.10.1)
    nokogiri (1.6.2.1)
      mini_portile (= 0.6.0)
    origin (1.1.0)
    orm_adapter (0.5.0)
    polyglot (0.3.5)
    pry (0.9.12.6)
      coderay (~> 1.0)
      method_source (~> 0.8)
      slop (~> 3.4)
    rack (1.4.5)
    rack-cache (1.2)
      rack (>= 0.4)
    rack-ssl (1.3.4)
      rack
    rack-test (0.6.2)
      rack (>= 1.0)
    railroady (1.1.0)
    rails (3.2.13)
      actionmailer (= 3.2.13)
      actionpack (= 3.2.13)
      activerecord (= 3.2.13)
      activeresource (= 3.2.13)
      activesupport (= 3.2.13)
      bundler (~> 1.0)
      railties (= 3.2.13)
    railties (3.2.13)
      actionpack (= 3.2.13)
      activesupport (= 3.2.13)
      rack-ssl (~> 1.3.2)
      rake (>= 0.8.7)
      rdoc (~> 3.4)
      thor (>= 0.14.6, < 2.0)
    rake (10.3.2)
    rdoc (3.12.2)
      json (~> 1.4)
    rest-client (1.6.7)
      mime-types (>= 1.16)
    rspec (2.13.0)
      rspec-core (~> 2.13.0)
      rspec-expectations (~> 2.13.0)
      rspec-mocks (~> 2.13.0)
    rspec-core (2.13.1)
    rspec-expectations (2.13.0)
      diff-lcs (>= 1.1.3, < 2.0)
    rspec-mocks (2.13.1)
    rspec-rails (2.13.2)
      actionpack (>= 3.0)
      activesupport (>= 3.0)
      railties (>= 3.0)
      rspec-core (~> 2.13.0)
      rspec-expectations (~> 2.13.0)
      rspec-mocks (~> 2.13.0)
    rubyzip (1.1.3)
    sass (3.3.7)
    sass-rails (3.2.6)
      railties (~> 3.2.0)
      sass (>= 3.1.10)
      tilt (~> 1.3)
    selenium-webdriver (2.42.0)
      childprocess (>= 0.5.0)
      multi_json (~> 1.0)
      rubyzip (~> 1.0)
      websocket (~> 1.0.4)
    simple_form (2.1.0)
      actionpack (~> 3.0)
      activemodel (~> 3.0)
    simplecov (0.7.1)
      multi_json (~> 1.0)
      simplecov-html (~> 0.7.1)
    simplecov-html (0.7.1)
    slop (3.5.0)
    spoon (0.0.4)
      ffi
    spork (0.9.2)
    sprockets (2.2.2)
      hike (~> 1.2)
      multi_json (~> 1.0)
      rack (~> 1.0)
      tilt (~> 1.1, != 1.3.0)
    sprockets-rails (0.0.1)
      sprockets (>= 1.0.2)
    subexec (0.2.3)
    tabulous (2.0.0)
      colored (~> 1.2.0)
      rails (>= 3.0, < 4.1.0)
    thin (1.5.1)
      daemons (>= 1.0.9)
      eventmachine (>= 0.12.6)
      rack (>= 1.0.0)
    thor (0.19.1)
    tilt (1.4.1)
    traceroute (0.3.0)
      rails (>= 3.0.0)
    treetop (1.4.15)
      polyglot
      polyglot (>= 0.3.1)
    tzinfo (0.3.39)
    uglifier (2.1.1)
      execjs (>= 0.3.0)
      multi_json (~> 1.0, >= 1.0.2)
    warden (1.2.3)
      rack (>= 1.0)
    websocket (1.0.7)
    wirble (0.1.3)
    xpath (2.0.0)
      nokogiri (~> 1.3)

PLATFORMS
  ruby

DEPENDENCIES
  action_mailer_cache_delivery (= 0.3.5)
  awesome_print (= 1.1.0)
  bootstrap-sass-rails (= 2.3.2.0)
  byebug (= 1.3.0)
  cancan (= 1.6.10)
  capybara
  coffee-rails (= 3.2.2)
  database_cleaner (= 1.0.1)
  devise (= 2.2.4)
  devise-encryptable (= 0.1.2)
  devise_invitable (= 1.1.8)
  email_spec (= 1.4.0)
  fabrication (= 2.7.1)
  factory_girl_rails (= 4.2.1)
  faker (= 1.1.2)
  interactive_editor (= 0.0.10)
  ipaddress (= 0.8.0)
  jasmine-rails (= 0.4.5)
  jquery-datatables-rails!
  jquery-rails (= 2.2.1)
  launchy (= 2.3.0)
  mini_magick (= 3.6.0)
  mongoid (= 3.0.23)
  mongoid-rspec (= 1.8.2)
  pry
  railroady (= 1.1.0)
  rails (= 3.2.13)
  rest-client (= 1.6.7)
  rspec-mocks (= 2.13.1)
  rspec-rails
  rubyzip
  sass-rails (= 3.2.6)
  selenium-webdriver
  simple_form (= 2.1.0)
  simplecov (= 0.7.1)
  spork (= 0.9.2)
  tabulous (= 2.0.0)
  thin (= 1.5.1)
  traceroute (= 0.3.0)
  uglifier (= 2.1.1)
  wirble (= 0.1.3)
